GEM
  remote: http://rubygems.org/
  specs:
    rack (1.6.4)
    rulers (0.1.0)
      rack

PLATFORMS
  ruby

DEPENDENCIES
  rulers

BUNDLED WITH
   1.10.6
